GEM
  remote: https://rubygems.org/
  specs:
    pg (1.2.3)
    rack (2.2.3)

PLATFORMS
  ruby

DEPENDENCIES
  pg (= 1.2.3)
  rack

BUNDLED WITH
   2.1.4
